GEM
  remote: https://rubygems.org/
  specs:
    aasm (5.0.1)
      concurrent-ruby (~> 1.0)
    awesome_print (1.8.0)
    coderay (1.1.2)
    concurrent-ruby (1.1.4)
    method_source (0.9.2)
    minitest (5.11.3)
    pry (0.12.2)
      coderay (~> 1.1.0)
      method_source (~> 0.9.0)

PLATFORMS
  ruby

DEPENDENCIES
  aasm (~> 5.0, >= 5.0.1)
  awesome_print (~> 1.8)
  minitest (~> 5.11, >= 5.11.3)
  pry (~> 0.12.2)

BUNDLED WITH
   1.17.2
